PATH
  remote: .
  specs:
    body_builder (0.1.7)
      activesupport (~> 6)

GEM
  remote: https://rubygems.org/
  specs:
    activesupport (6.1.7.3)
      concurrent-ruby (~> 1.0, >= 1.0.2)
      i18n (>= 1.6, < 2)
      minitest (>= 5.1)
      tzinfo (~> 2.0)
      zeitwerk (~> 2.3)
    ansi (1.5.0)
    builder (3.2.4)
    concurrent-ruby (1.2.2)
    debug (1.8.0)
      irb (>= 1.5.0)
      reline (>= 0.3.1)
    i18n (1.14.1)
      concurrent-ruby (~> 1.0)
    io-console (0.6.0)
    irb (1.9.1)
      rdoc
      reline (>= 0.3.8)
    minitest (5.14.4)
    minitest-reporters (1.6.1)
      ansi
      builder
      minitest (>= 5.0)
      ruby-progressbar
    psych (5.1.1.1)
      stringio
    rake (13.1.0)
    rdoc (6.6.0)
      psych (>= 4.0.0)
    reline (0.4.1)
      io-console (~> 0.5)
    ruby-progressbar (1.13.0)
    stringio (3.1.0)
    tzinfo (2.0.6)
      concurrent-ruby (~> 1.0)
    zeitwerk (2.6.8)

PLATFORMS
  ruby

DEPENDENCIES
  body_builder!
  bundler (= 2.4.22)
  debug (>= 1.0.0)
  minitest (~> 5.14)
  minitest-reporters (~> 1.6)
  rake (~> 13.1)

BUNDLED WITH
   2.4.22
